GEM
  remote: https://rubygems.org/
  specs:
    hashie (2.0.5)
    listen (0.7.1)
    omniauth (1.1.4)
      hashie (>= 1.2, < 3)
      rack
    rack (1.4.2)
    rack-protection (1.3.2)
      rack
    rb-fsevent (0.9.3)
    rerun (0.7.1)
      listen
    sinatra (1.3.3)
      rack (~> 1.3, >= 1.3.6)
      rack-protection (~> 1.2)
      tilt (~> 1.3, >= 1.3.3)
    tilt (1.3.3)

PLATFORMS
  ruby

DEPENDENCIES
  omniauth
  rb-fsevent (~> 0.9.1)
  rerun
  sinatra
