GEM
  remote: https://rubygems.org/
  specs:
    diff-lcs (1.2.5)
    ffi (1.9.0)
    formkeeper (0.0.13)
      hpricot
      rack
    hashie (2.0.5)
    hpricot (0.8.6)
    listen (0.7.1)
    net-ldap (0.2.2)
    omniauth (1.1.4)
      hashie (>= 1.2, < 3)
      rack
    omniauth-ldap (1.0.3)
      net-ldap (~> 0.2.2)
      omniauth (~> 1.0)
      pyu-ruby-sasl (~> 0.0.3.1)
      rubyntlm (~> 0.1.1)
    pyu-ruby-sasl (0.0.3.3)
    rack (1.4.2)
    rack-protection (1.3.2)
      rack
    rb-fsevent (0.9.3)
    rb-inotify (0.8.8)
      ffi (>= 0.5.0)
    rerun (0.7.1)
      listen
    rspec (2.14.1)
      rspec-core (~> 2.14.0)
      rspec-expectations (~> 2.14.0)
      rspec-mocks (~> 2.14.0)
    rspec-core (2.14.7)
    rspec-expectations (2.14.4)
      diff-lcs (>= 1.1.3, < 2.0)
    rspec-mocks (2.14.4)
    rubyntlm (0.1.1)
    sinatra (1.3.3)
      rack (~> 1.3, >= 1.3.6)
      rack-protection (~> 1.2)
      tilt (~> 1.3, >= 1.3.3)
    sinatra-formkeeper (0.0.7)
      formkeeper (~> 0.0.12)
      hpricot
      rack
      sinatra
    slim (2.0.2)
      temple (~> 0.6.6)
      tilt (>= 1.3.3, < 2.1)
    temple (0.6.7)
    tilt (1.3.3)

PLATFORMS
  ruby

DEPENDENCIES
  omniauth
  omniauth-ldap
  rb-fsevent (~> 0.9.1)
  rb-inotify (~> 0.8.8)
  rerun
  rspec
  sinatra
  sinatra-formkeeper
  slim
